PATH
  remote: .
  specs:
    solrsan (0.0.39)
      activemodel
      activesupport
      rsolr (= 1.0.0)

GEM
  remote: http://rubygems.org/
  specs:
    activemodel (3.0.9)
      activesupport (= 3.0.9)
      builder (~> 2.1.2)
      i18n (~> 0.5.0)
    activesupport (3.0.9)
    builder (2.1.2)
    i18n (0.5.0)
    rsolr (1.0.0)
      builder (>= 2.1.2)

PLATFORMS
  ruby

DEPENDENCIES
  solrsan!
