PATH
  remote: .
  specs:
    solrsan (0.2.2)
      activemodel
      activesupport
      rsolr (= 1.0.0)

GEM
  remote: http://rubygems.org/
  specs:
    activemodel (3.2.0)
      activesupport (= 3.2.0)
      builder (~> 3.0.0)
    activesupport (3.2.0)
      i18n (~> 0.6)
      multi_json (~> 1.0)
    builder (3.0.0)
    i18n (0.6.0)
    multi_json (1.0.4)
    rsolr (1.0.0)
      builder (>= 2.1.2)

PLATFORMS
  ruby

DEPENDENCIES
  solrsan!
